GEM
  remote: https://rubygems.org/
  specs:
    diff-lcs (1.2.5)
    excel_to_code (0.3.9)
      ffi (~> 1.0, >= 1.0.11)
      ox (~> 2.0, >= 2.0.12)
      rspec (~> 2.7, >= 2.7.0)
      rubypeg (~> 0)
    ffi (1.9.6)
    json (1.8.2)
    mustermann (2.0.2)
      ruby2_keywords (~> 0.0.1)
    ox (2.1.6)
    rack (2.2.4)
    rack-protection (2.2.3)
      rack
    rake (10.3.2)
    rspec (2.99.0)
      rspec-core (~> 2.99.0)
      rspec-expectations (~> 2.99.0)
      rspec-mocks (~> 2.99.0)
    rspec-core (2.99.2)
    rspec-expectations (2.99.2)
      diff-lcs (>= 1.1.3, < 2.0)
    rspec-mocks (2.99.3)
    ruby2_keywords (0.0.5)
    rubypeg (0.0.4)
      rubyscriptwriter
    rubyscriptwriter (0.0.2)
    sinatra (2.2.3)
      mustermann (~> 2.0)
      rack (~> 2.2)
      rack-protection (= 2.2.3)
      tilt (~> 2.0)
    tilt (2.0.11)

PLATFORMS
  ruby

DEPENDENCIES
  excel_to_code
  ffi
  json
  rake
  sinatra
